GEM
  remote: http://rubygems.org/
  specs:
    amq-protocol (2.2.0)
    bunny (2.7.2)
      amq-protocol (>= 2.2.0)

PLATFORMS
  ruby

DEPENDENCIES
  bunny (~> 2.6)

BUNDLED WITH
   1.14.6
