PATH
  remote: .
  specs:
    radagast (0.0.1.pre.dev)
      bunny (~> 2.6)

GEM
  remote: http://rubygems.org/
  specs:
    amq-protocol (2.2.0)
    bunny (2.7.2)
      amq-protocol (>= 2.2.0)

PLATFORMS
  ruby

DEPENDENCIES
  radagast!

BUNDLED WITH
   1.14.6
